GEM
  remote: https://rubygems.org/
  specs:
    ast (2.4.2)
    backport (1.2.0)
    benchmark (0.2.0)
    bundler-audit (0.9.0.1)
      bundler (>= 1.2.0, < 3)
      thor (~> 1.0)
    bundler-leak (0.2.0)
      bundler (>= 1.2.0, < 3)
      thor (>= 0.18, < 2)
    coderay (1.1.3)
    colorize (0.8.1)
    concurrent-ruby (1.1.9)
    diff-lcs (1.4.4)
    dotenv (2.7.6)
    e2mmap (0.1.0)
    i18n (1.8.10)
      concurrent-ruby (~> 1.0)
    jaro_winkler (1.5.4)
    kramdown (2.3.1)
      rexml
    kramdown-parser-gfm (1.1.0)
      kramdown (~> 2.0)
    lefthook (0.5.7)
    method_source (1.0.0)
    nokogiri (1.12.5-x86_64-linux)
      racc (~> 1.4)
    parallel (1.21.0)
    parser (3.0.2.0)
      ast (~> 2.4.1)
    pry (0.13.1)
      coderay (~> 1.1)
      method_source (~> 1.0)
    racc (1.6.0)
    rainbow (3.0.0)
    regexp_parser (2.1.1)
    reverse_markdown (2.1.1)
      nokogiri
    rexml (3.2.5)
    rubocop (1.22.3)
      parallel (~> 1.10)
      parser (>= 3.0.0.0)
      rainbow (>= 2.2.2, < 4.0)
      regexp_parser (>= 1.8, < 3.0)
      rexml
      rubocop-ast (>= 1.12.0, < 2.0)
      ruby-progressbar (~> 1.7)
      unicode-display_width (>= 1.4.0, < 3.0)
    rubocop-ast (1.12.0)
      parser (>= 3.0.1.1)
    rubocop-md (1.0.1)
      rubocop (>= 1.0)
    rubocop-performance (1.12.0)
      rubocop (>= 1.7.0, < 2.0)
      rubocop-ast (>= 0.4.0)
    rubocop-rake (0.6.0)
      rubocop (~> 1.0)
    rubocop-rspec (2.6.0)
      rubocop (~> 1.19)
    ruby-progressbar (1.11.0)
    solargraph (0.44.0)
      backport (~> 1.2)
      benchmark
      bundler (>= 1.17.2)
      diff-lcs (~> 1.4)
      e2mmap
      jaro_winkler (~> 1.5)
      kramdown (~> 2.3)
      kramdown-parser-gfm (~> 1.1)
      parser (~> 3.0)
      reverse_markdown (>= 1.0.5, < 3)
      rubocop (>= 0.52)
      thor (~> 1.0)
      tilt (~> 2.0)
      yard (~> 0.9, >= 0.9.24)
    terminal-table (3.0.2)
      unicode-display_width (>= 1.1.1, < 3)
    thor (1.1.0)
    tilt (2.0.10)
    unicode-display_width (2.1.0)
    yard (0.9.26)

PLATFORMS
  x86_64-linux

DEPENDENCIES
  bundler-audit (~> 0.9.0.1)
  bundler-leak (~> 0.2.0)
  colorize (~> 0.8.1)
  dotenv (~> 2.1)
  i18n (~> 1.8)
  lefthook (~> 0.5.5)
  pry (~> 0.13.1)
  rubocop (~> 1.22.0)
  rubocop-md (~> 1.0)
  rubocop-performance (~> 1.11)
  rubocop-rake (~> 0.6.0)
  rubocop-rspec (~> 2.6)
  solargraph (~> 0.44.0)
  terminal-table (~> 3.0)

RUBY VERSION
   ruby 3.0.2p107

BUNDLED WITH
   2.2.22
